GEM
  remote: https://rubygems.org/
  specs:
    codebase (4.0.12)
      highline (>= 1.5.0)
      hirb (>= 0.2.7)
      json (>= 1.1.5)
    ffi (1.9.10)
    highline (1.7.8)
    hirb (0.7.3)
    jekyll-paginate (1.1.0)
    jekyll-watch (1.3.1)
      listen (~> 3.0)
    json (1.8.3)
    kramdown (1.9.0)
    listen (3.0.5)
      rb-fsevent (>= 0.9.3)
      rb-inotify (>= 0.9)
    rb-fsevent (0.9.7)
    rb-inotify (0.9.5)
      ffi (>= 0.5.0)
    rouge (1.10.1)

PLATFORMS
  ruby

DEPENDENCIES
  codebase
  jekyll-paginate
  jekyll-watch
  kramdown
  rouge

BUNDLED WITH
   1.10.6
